GEM
  remote: https://rubygems.org/
  specs:
    ansi (1.5.0)
    ast (2.4.2)
    oga (3.4)
      ast
      ruby-ll (~> 2.1)
    ruby-ll (2.1.3)
      ansi
      ast

PLATFORMS
  arm64-darwin-24
  ruby

DEPENDENCIES
  oga

BUNDLED WITH
   2.6.2
